GEM
  remote: https://rubygems.org/
  specs:
    colorator (1.1.0)
    ffi (1.9.24)
    jekyll (3.6.3)
      colorator (~> 1.1.0)
      jekyll-sass-converter (~> 1.5.0)
      jekyll-watch (~> 1.5.0)
      kramdown (~> 1.13.1)
      liquid (~> 3.0.6)
      mercenary (~> 0.3.6)
      rouge (~> 1.11.1)
      safe_yaml (~> 1.0.4)
    jekyll-paginate (1.1.0)
    jekyll-sass-converter (1.5.0)
      sass (~> 3.4.22)
    jekyll-watch (1.5.0)
      listen (~> 3.0, < 3.1)
    kramdown (1.13.1)
    liquid (3.0.6)
    listen (3.0.8)
      rb-fsevent (~> 0.9, >= 0.9.4)
      rb-inotify (~> 0.9, >= 0.9.7)
    mercenary (0.3.6)
    rb-fsevent (0.9.8)
    rb-inotify (0.9.7)
      ffi (>= 0.5.0)
    rouge (1.11.1)
    safe_yaml (1.0.4)
    sass (3.4.22)

PLATFORMS
  ruby

DEPENDENCIES
  jekyll
  jekyll-paginate

BUNDLED WITH
   1.12.5
